PATH
  remote: .
  specs:
    wayfarer (0.0.0)
      activejob (~> 4.2)
      activesupport (~> 4.2)
      ansi (~> 1.5)
      celluloid (~> 0.17)
      connection_pool (~> 2.2)
      mime-types (~> 2.6)
      mustermann (~> 0.4)
      net-http-persistent (~> 2.9)
      nokogiri (~> 1.6)
      pismo (~> 0.7)
      ruby-progressbar (~> 1.7)
      selenium-emulated_features (~> 2.0)
      selenium-webdriver (~> 2.47)
      thor (~> 0.19)

GEM
  remote: https://rubygems.org/
  specs:
    activejob (4.2.4)
      activesupport (= 4.2.4)
      globalid (>= 0.3.0)
    activesupport (4.2.4)
      i18n (~> 0.7)
      json (~> 1.7, >= 1.7.7)
      minitest (~> 5.1)
      thread_safe (~> 0.3, >= 0.3.4)
      tzinfo (~> 1.1)
    ansi (1.5.0)
    ast (2.1.0)
    astrolabe (1.3.1)
      parser (~> 2.2)
    awesome_print (1.6.1)
    celluloid (0.17.2)
      celluloid-essentials
      celluloid-extras
      celluloid-fsm
      celluloid-pool
      celluloid-supervision
      timers (>= 4.1.1)
    celluloid-essentials (0.20.5)
      timers (>= 4.1.1)
    celluloid-extras (0.20.5)
      timers (>= 4.1.1)
    celluloid-fsm (0.20.5)
      timers (>= 4.1.1)
    celluloid-pool (0.20.5)
      timers (>= 4.1.1)
    celluloid-supervision (0.20.5)
      timers (>= 4.1.1)
    childprocess (0.5.6)
      ffi (~> 1.0, >= 1.0.11)
    chronic (0.10.2)
    connection_pool (2.2.0)
    crass (1.0.2)
    diff-lcs (1.2.5)
    fast-stemmer (1.0.2)
    ffi (1.9.10)
    ffi (1.9.10-java)
    globalid (0.3.6)
      activesupport (>= 4.1.0)
    hitimes (1.2.3)
    hitimes (1.2.3-java)
    i18n (0.7.0)
    json (1.8.3)
    json (1.8.3-java)
    mime-types (2.6.2)
    mini_portile (0.6.2)
    minitest (5.8.1)
    multi_json (1.11.2)
    mustermann (0.4.0)
      tool (~> 0.2)
    net-http-persistent (2.9.4)
    nokogiri (1.6.6.2)
      mini_portile (~> 0.6.0)
    nokogiri (1.6.6.2-java)
    nokogumbo (1.4.1)
      nokogiri
    oj (2.12.14)
    parser (2.2.3.0)
      ast (>= 1.1, < 3.0)
    pismo (0.7.4)
      awesome_print
      chronic
      fast-stemmer
      nokogiri
      sanitize
    powerpack (0.1.1)
    rack (1.6.4)
    rack-protection (1.5.3)
      rack
    rainbow (2.0.0)
    rake (10.4.2)
    rspec (3.3.0)
      rspec-core (~> 3.3.0)
      rspec-expectations (~> 3.3.0)
      rspec-mocks (~> 3.3.0)
    rspec-core (3.3.2)
      rspec-support (~> 3.3.0)
    rspec-expectations (3.3.1)
      diff-lcs (>= 1.2.0, < 2.0)
      rspec-support (~> 3.3.0)
    rspec-mocks (3.3.2)
      diff-lcs (>= 1.2.0, < 2.0)
      rspec-support (~> 3.3.0)
    rspec-support (3.3.0)
    rubocop (0.34.2)
      astrolabe (~> 1.3)
      parser (>= 2.2.2.5, < 3.0)
      powerpack (~> 0.1)
      rainbow (>= 1.99.1, < 3.0)
      ruby-progressbar (~> 1.4)
    ruby-progressbar (1.7.5)
    rubyzip (1.1.7)
    sanitize (4.0.0)
      crass (~> 1.0.2)
      nokogiri (>= 1.4.4)
      nokogumbo (= 1.4.1)
    selenium-emulated_features (2.0.0)
      selenium-webdriver (~> 2.44)
    selenium-webdriver (2.48.1)
      childprocess (~> 0.5)
      multi_json (~> 1.0)
      rubyzip (~> 1.0)
      websocket (~> 1.0)
    sinatra (1.4.6)
      rack (~> 1.4)
      rack-protection (~> 1.4)
      tilt (>= 1.3, < 3)
    thor (0.19.1)
    thread_safe (0.3.5)
    thread_safe (0.3.5-java)
    tilt (2.0.1)
    timers (4.1.1)
      hitimes
    tool (0.2.3)
    tzinfo (1.2.2)
      thread_safe (~> 0.1)
    websocket (1.2.2)
    yard (0.8.7.6)

PLATFORMS
  java
  ruby

DEPENDENCIES
  oj (~> 2.12)
  rake (~> 10.4)
  rspec (~> 3.3)
  rubocop (~> 0.34)
  sinatra (~> 1.4)
  wayfarer!
  yard (~> 0.8)

BUNDLED WITH
   1.10.2
