GIT
  remote: https://github.com/bauerd/selenium-emulated_features
  revision: ce5c10aec86534e5400451c14d46e31dc255bf44
  specs:
    selenium-emulated_features (0.0.1)
      selenium-webdriver (~> 2.44, >= 2.44.0)

PATH
  remote: .
  specs:
    schablone (0.0.0)
      connection_pool
      mime-types
      net-http-persistent
      nokogiri
      rack
      selenium-webdriver

GEM
  remote: https://rubygems.org/
  specs:
    ast (2.0.0)
    astrolabe (1.3.0)
      parser (>= 2.2.0.pre.3, < 3.0)
    childprocess (0.5.6)
      ffi (~> 1.0, >= 1.0.11)
    connection_pool (2.2.0)
    diff-lcs (1.2.5)
    ffi (1.9.8-java)
    mime-types (2.6.1)
    multi_json (1.11.0)
    net-http-persistent (2.9.4)
    nokogiri (1.6.6.2-java)
    parser (2.2.2.5)
      ast (>= 1.1, < 3.0)
    powerpack (0.1.1)
    rack (1.6.1)
    rack-protection (1.5.3)
      rack
    rainbow (2.0.0)
    rake (10.4.2)
    rspec (3.2.0)
      rspec-core (~> 3.2.0)
      rspec-expectations (~> 3.2.0)
      rspec-mocks (~> 3.2.0)
    rspec-core (3.2.3)
      rspec-support (~> 3.2.0)
    rspec-expectations (3.2.1)
      diff-lcs (>= 1.2.0, < 2.0)
      rspec-support (~> 3.2.0)
    rspec-mocks (3.2.1)
      diff-lcs (>= 1.2.0, < 2.0)
      rspec-support (~> 3.2.0)
    rspec-support (3.2.2)
    rubocop (0.31.0)
      astrolabe (~> 1.3)
      parser (>= 2.2.2.1, < 3.0)
      powerpack (~> 0.1)
      rainbow (>= 1.99.1, < 3.0)
      ruby-progressbar (~> 1.4)
    ruby-progressbar (1.7.5)
    rubyzip (1.1.7)
    selenium-webdriver (2.45.0)
      childprocess (~> 0.5)
      multi_json (~> 1.0)
      rubyzip (~> 1.0)
      websocket (~> 1.0)
    sinatra (1.4.6)
      rack (~> 1.4)
      rack-protection (~> 1.4)
      tilt (>= 1.3, < 3)
    tilt (2.0.1)
    websocket (1.2.2)

PLATFORMS
  java

DEPENDENCIES
  rake
  rspec
  rubocop
  schablone!
  selenium-emulated_features!
  sinatra
