GIT
  remote: https://github.com/bauerd/selenium-emulated_features
  revision: ce5c10aec86534e5400451c14d46e31dc255bf44
  specs:
    selenium-emulated_features (0.0.1)
      selenium-webdriver (~> 2.44, >= 2.44.0)

PATH
  remote: .
  specs:
    schablone (0.0.0)
      ansi (~> 1.5)
      hashie (~> 3.4)
      mustermann (~> 0.4)
      mustermann-uri-template (~> 0.4)
      net-http-persistent (~> 2.9)
      nokogiri (~> 1.6)
      pismo (~> 0.7)
      rack (~> 1.6)
      selenium-webdriver (~> 2.43)
      thread (~> 0.1)

GEM
  remote: https://rubygems.org/
  specs:
    ansi (1.5.0)
    ast (2.0.0)
    astrolabe (1.3.0)
      parser (>= 2.2.0.pre.3, < 3.0)
    awesome_print (1.6.1)
    builder (3.2.2)
    childprocess (0.5.6)
      ffi (~> 1.0, >= 1.0.11)
    chronic (0.10.2)
    crass (1.0.2)
    cucumber (1.3.19)
      builder (>= 2.1.2)
      diff-lcs (>= 1.1.3)
      gherkin (~> 2.12)
      multi_json (>= 1.7.5, < 2.0)
      multi_test (>= 0.1.2)
    diff-lcs (1.2.5)
    faker (1.4.3)
      i18n (~> 0.5)
    fast-stemmer (1.0.2)
    ffi (1.9.8)
    gherkin (2.12.2)
      multi_json (~> 1.3)
    hashie (3.4.1)
    i18n (0.7.0)
    mini_portile (0.6.2)
    multi_json (1.11.0)
    multi_test (0.1.2)
    mustermann (0.4.0)
      tool (~> 0.2)
    mustermann-uri-template (0.4.0)
      mustermann (= 0.4.0)
    net-http-persistent (2.9.4)
    nokogiri (1.6.6.2)
      mini_portile (~> 0.6.0)
    nokogumbo (1.4.1)
      nokogiri
    parser (2.2.2.0)
      ast (>= 1.1, < 3.0)
    pismo (0.7.4)
      awesome_print
      chronic
      fast-stemmer
      nokogiri
      sanitize
    powerpack (0.1.0)
    rack (1.6.0)
    rack-protection (1.5.3)
      rack
    rainbow (2.0.0)
    rake (10.4.2)
    rspec (3.2.0)
      rspec-core (~> 3.2.0)
      rspec-expectations (~> 3.2.0)
      rspec-mocks (~> 3.2.0)
    rspec-core (3.2.3)
      rspec-support (~> 3.2.0)
    rspec-expectations (3.2.1)
      diff-lcs (>= 1.2.0, < 2.0)
      rspec-support (~> 3.2.0)
    rspec-mocks (3.2.1)
      diff-lcs (>= 1.2.0, < 2.0)
      rspec-support (~> 3.2.0)
    rspec-support (3.2.2)
    rubocop (0.30.0)
      astrolabe (~> 1.3)
      parser (>= 2.2.0.1, < 3.0)
      powerpack (~> 0.1)
      rainbow (>= 1.99.1, < 3.0)
      ruby-progressbar (~> 1.4)
    ruby-progressbar (1.7.5)
    rubyzip (1.1.7)
    sanitize (4.0.0)
      crass (~> 1.0.2)
      nokogiri (>= 1.4.4)
      nokogumbo (= 1.4.1)
    selenium-webdriver (2.45.0)
      childprocess (~> 0.5)
      multi_json (~> 1.0)
      rubyzip (~> 1.0)
      websocket (~> 1.0)
    sinatra (1.4.6)
      rack (~> 1.4)
      rack-protection (~> 1.4)
      tilt (>= 1.3, < 3)
    thread (0.2.0)
    tilt (2.0.1)
    tool (0.2.3)
    websocket (1.2.1)
    yard (0.8.7.6)

PLATFORMS
  ruby

DEPENDENCIES
  cucumber (~> 1.3)
  faker (~> 1.4)
  rake (~> 10.4)
  rspec (~> 3.1)
  rubocop
  schablone!
  selenium-emulated_features!
  sinatra (~> 1.4)
  yard (~> 0.8)
