PATH
  remote: .
  specs:
    wayfarer (1.0.0)
      activejob (~> 4.2)
      activesupport (~> 4.2)
      bloomfilter-rb (~> 2.1)
      capybara (~> 2.5)
      chronic (~> 0.10)
      connection_pool (~> 2.2)
      fast_trie (~> 0.5)
      hooks (~> 0.4)
      mime-types (~> 2.6)
      mustermann (~> 0.4)
      net-http-persistent (~> 2.9)
      nokogiri (~> 1.6)
      oj (~> 2.12)
      pismo (~> 0.7)
      redis (~> 3.2)
      ruby-progressbar (~> 1.7)
      selenium-emulated_features (= 2.0.1)
      selenium-webdriver (~> 3.0)
      thor (~> 0.19)
      thread_safe (~> 0.3)

GEM
  remote: https://rubygems.org/
  specs:
    activejob (4.2.7)
      activesupport (= 4.2.7)
      globalid (>= 0.3.0)
    activesupport (4.2.7)
      i18n (~> 0.7)
      json (~> 1.7, >= 1.7.7)
      minitest (~> 5.1)
      thread_safe (~> 0.3, >= 0.3.4)
      tzinfo (~> 1.1)
    addressable (2.5.0)
      public_suffix (~> 2.0, >= 2.0.2)
    ast (2.3.0)
    awesome_print (1.7.0)
    bloomfilter-rb (2.1.1)
      redis
    bourbon (4.3.3)
      sass (~> 3.4)
      thor (~> 0.19)
    capybara (2.13.0)
      addressable
      mime-types (>= 1.16)
      nokogiri (>= 1.3.3)
      rack (>= 1.0.0)
      rack-test (>= 0.5.4)
      xpath (~> 2.0)
    childprocess (0.6.3)
      ffi (~> 1.0, >= 1.0.11)
    chronic (0.10.2)
    coderay (1.1.1)
    coffee-script (2.4.1)
      coffee-script-source
      execjs
    coffee-script-source (1.12.2)
    colorator (1.1.0)
    connection_pool (2.2.1)
    crass (1.0.2)
    diff-lcs (1.3)
    ethon (0.10.1)
      ffi (>= 1.3.0)
    execjs (2.7.0)
    faraday (0.11.0)
      multipart-post (>= 1.2, < 3)
    fast-stemmer (1.0.2)
    fast_trie (0.5.1)
    ffi (1.9.18)
    ffi (1.9.18-java)
    forwardable-extended (2.6.0)
    gemoji (2.1.0)
    github-pages (115)
      activesupport (= 4.2.7)
      github-pages-health-check (= 1.3.0)
      jekyll (= 3.3.1)
      jekyll-avatar (= 0.4.2)
      jekyll-coffeescript (= 1.0.1)
      jekyll-default-layout (= 0.1.4)
      jekyll-feed (= 0.8.0)
      jekyll-gist (= 1.4.0)
      jekyll-github-metadata (= 2.3.0)
      jekyll-mentions (= 1.2.0)
      jekyll-optional-front-matter (= 0.1.2)
      jekyll-paginate (= 1.1.0)
      jekyll-readme-index (= 0.0.3)
      jekyll-redirect-from (= 0.11.0)
      jekyll-relative-links (= 0.2.1)
      jekyll-sass-converter (= 1.3.0)
      jekyll-seo-tag (= 2.1.0)
      jekyll-sitemap (= 0.12.0)
      jekyll-swiss (= 0.4.0)
      jekyll-theme-architect (= 0.0.3)
      jekyll-theme-cayman (= 0.0.3)
      jekyll-theme-dinky (= 0.0.3)
      jekyll-theme-hacker (= 0.0.3)
      jekyll-theme-leap-day (= 0.0.3)
      jekyll-theme-merlot (= 0.0.3)
      jekyll-theme-midnight (= 0.0.3)
      jekyll-theme-minimal (= 0.0.3)
      jekyll-theme-modernist (= 0.0.3)
      jekyll-theme-primer (= 0.1.7)
      jekyll-theme-slate (= 0.0.3)
      jekyll-theme-tactile (= 0.0.3)
      jekyll-theme-time-machine (= 0.0.3)
      jekyll-titles-from-headings (= 0.1.4)
      jemoji (= 0.7.0)
      kramdown (= 1.11.1)
      liquid (= 3.0.6)
      listen (= 3.0.6)
      mercenary (~> 0.3)
      minima (= 2.0.0)
      nokogiri (= 1.6.8.1)
      rouge (= 1.11.1)
      terminal-table (~> 1.4)
    github-pages-health-check (1.3.0)
      addressable (~> 2.3)
      net-dns (~> 0.8)
      octokit (~> 4.0)
      public_suffix (~> 2.0)
      typhoeus (~> 0.7)
    globalid (0.3.7)
      activesupport (>= 4.1.0)
    hooks (0.4.1)
      uber (~> 0.0.14)
    html-pipeline (2.5.0)
      activesupport (>= 2)
      nokogiri (>= 1.4)
    i18n (0.8.1)
    jekyll (3.3.1)
      addressable (~> 2.4)
      colorator (~> 1.0)
      jekyll-sass-converter (~> 1.0)
      jekyll-watch (~> 1.1)
      kramdown (~> 1.3)
      liquid (~> 3.0)
      mercenary (~> 0.3.3)
      pathutil (~> 0.9)
      rouge (~> 1.7)
      safe_yaml (~> 1.0)
    jekyll-avatar (0.4.2)
      jekyll (~> 3.0)
    jekyll-coffeescript (1.0.1)
      coffee-script (~> 2.2)
    jekyll-default-layout (0.1.4)
      jekyll (~> 3.0)
    jekyll-feed (0.8.0)
      jekyll (~> 3.3)
    jekyll-gist (1.4.0)
      octokit (~> 4.2)
    jekyll-github-metadata (2.3.0)
      jekyll (~> 3.1)
      octokit (~> 4.0, != 4.4.0)
    jekyll-mentions (1.2.0)
      activesupport (~> 4.0)
      html-pipeline (~> 2.3)
      jekyll (~> 3.0)
    jekyll-optional-front-matter (0.1.2)
      jekyll (~> 3.0)
    jekyll-paginate (1.1.0)
    jekyll-readme-index (0.0.3)
      jekyll (~> 3.0)
    jekyll-redirect-from (0.11.0)
      jekyll (>= 2.0)
    jekyll-relative-links (0.2.1)
      jekyll (~> 3.3)
    jekyll-sass-converter (1.3.0)
      sass (~> 3.2)
    jekyll-seo-tag (2.1.0)
      jekyll (~> 3.3)
    jekyll-sitemap (0.12.0)
      jekyll (~> 3.3)
    jekyll-swiss (0.4.0)
    jekyll-theme-architect (0.0.3)
      jekyll (~> 3.3)
    jekyll-theme-cayman (0.0.3)
      jekyll (~> 3.3)
    jekyll-theme-dinky (0.0.3)
      jekyll (~> 3.3)
    jekyll-theme-hacker (0.0.3)
      jekyll (~> 3.3)
    jekyll-theme-leap-day (0.0.3)
      jekyll (~> 3.3)
    jekyll-theme-merlot (0.0.3)
      jekyll (~> 3.3)
    jekyll-theme-midnight (0.0.3)
      jekyll (~> 3.3)
    jekyll-theme-minimal (0.0.3)
      jekyll (~> 3.3)
    jekyll-theme-modernist (0.0.3)
      jekyll (~> 3.3)
    jekyll-theme-primer (0.1.7)
      jekyll (~> 3.3)
    jekyll-theme-slate (0.0.3)
      jekyll (~> 3.3)
    jekyll-theme-tactile (0.0.3)
      jekyll (~> 3.3)
    jekyll-theme-time-machine (0.0.3)
      jekyll (~> 3.3)
    jekyll-titles-from-headings (0.1.4)
      jekyll (~> 3.3)
    jekyll-watch (1.5.0)
      listen (~> 3.0, < 3.1)
    jemoji (0.7.0)
      activesupport (~> 4.0)
      gemoji (~> 2.0)
      html-pipeline (~> 2.2)
      jekyll (>= 3.0)
    json (1.8.6)
    json (1.8.6-java)
    kramdown (1.11.1)
    liquid (3.0.6)
    listen (3.0.6)
      rb-fsevent (>= 0.9.3)
      rb-inotify (>= 0.9.7)
    mercenary (0.3.6)
    method_source (0.8.2)
    mime-types (2.99.3)
    mini_portile2 (2.1.0)
    minima (2.0.0)
    minitest (5.10.1)
    multipart-post (2.0.0)
    mustermann (0.4.0)
      tool (~> 0.2)
    neat (1.8.0)
      sass (>= 3.3)
      thor (~> 0.19)
    net-dns (0.8.0)
    net-http-persistent (2.9.4)
    nokogiri (1.6.8.1)
      mini_portile2 (~> 2.1.0)
    nokogiri (1.6.8.1-java)
    nokogumbo (1.4.10)
      nokogiri
    octokit (4.6.2)
      sawyer (~> 0.8.0, >= 0.5.3)
    oj (2.18.5)
    parser (2.4.0.0)
      ast (~> 2.2)
    pathutil (0.14.0)
      forwardable-extended (~> 2.6)
    pismo (0.7.4)
      awesome_print
      chronic
      fast-stemmer
      nokogiri
      sanitize
    powerpack (0.1.1)
    pry (0.10.4)
      coderay (~> 1.1.0)
      method_source (~> 0.8.1)
      slop (~> 3.4)
    pry (0.10.4-java)
      coderay (~> 1.1.0)
      method_source (~> 0.8.1)
      slop (~> 3.4)
      spoon (~> 0.0)
    public_suffix (2.0.5)
    rack (1.6.5)
    rack-protection (1.5.3)
      rack
    rack-test (0.6.3)
      rack (>= 1.0)
    rainbow (2.2.1)
    rake (10.5.0)
    rb-fsevent (0.9.8)
    rb-inotify (0.9.8)
      ffi (>= 0.5.0)
    redis (3.3.3)
    rouge (1.11.1)
    rspec (3.5.0)
      rspec-core (~> 3.5.0)
      rspec-expectations (~> 3.5.0)
      rspec-mocks (~> 3.5.0)
    rspec-core (3.5.4)
      rspec-support (~> 3.5.0)
    rspec-expectations (3.5.0)
      diff-lcs (>= 1.2.0, < 2.0)
      rspec-support (~> 3.5.0)
    rspec-mocks (3.5.0)
      diff-lcs (>= 1.2.0, < 2.0)
      rspec-support (~> 3.5.0)
    rspec-support (3.5.0)
    rubocop (0.48.0)
      parser (>= 2.3.3.1, < 3.0)
      powerpack (~> 0.1)
      rainbow (>= 1.99.1, < 3.0)
      ruby-progressbar (~> 1.7)
      unicode-display_width (~> 1.0, >= 1.0.1)
    ruby-progressbar (1.8.1)
    rubyzip (1.2.1)
    safe_yaml (1.0.4)
    sanitize (4.4.0)
      crass (~> 1.0.2)
      nokogiri (>= 1.4.4)
      nokogumbo (~> 1.4.1)
    sass (3.4.23)
    sawyer (0.8.1)
      addressable (>= 2.3.5, < 2.6)
      faraday (~> 0.8, < 1.0)
    selenium-emulated_features (2.0.1)
      selenium-webdriver (~> 3.0)
    selenium-webdriver (3.3.0)
      childprocess (~> 0.5)
      rubyzip (~> 1.0)
      websocket (~> 1.0)
    sinatra (1.4.8)
      rack (~> 1.5)
      rack-protection (~> 1.4)
      tilt (>= 1.3, < 3)
    slop (3.6.0)
    spoon (0.0.6)
      ffi
    terminal-table (1.7.3)
      unicode-display_width (~> 1.1.1)
    thor (0.19.4)
    thread_safe (0.3.6)
    thread_safe (0.3.6-java)
    tilt (2.0.7)
    tool (0.2.3)
    typhoeus (0.8.0)
      ethon (>= 0.8.0)
    tzinfo (1.2.3)
      thread_safe (~> 0.1)
    uber (0.0.15)
    unicode-display_width (1.1.3)
    websocket (1.2.4)
    xpath (2.0.0)
      nokogiri (~> 1.3)
    yard (0.9.8)

PLATFORMS
  java
  ruby

DEPENDENCIES
  bourbon
  github-pages (= 115)
  neat (~> 1.8)
  pry (~> 0.10)
  rake (~> 10.4)
  rouge
  rspec (~> 3.3)
  rubocop (~> 0.34)
  sinatra (~> 1.4)
  wayfarer!
  yard (~> 0.9)

BUNDLED WITH
   1.14.6
