PATH
  remote: .
  specs:
    wayfarer (0.0.0)
      activejob (~> 4.2)
      activesupport (~> 4.2)
      capybara (~> 2.5)
      chronic (~> 0.10)
      connection_pool (~> 2.2)
      hooks (~> 0.4)
      mime-types (~> 2.6)
      mustermann (~> 0.4)
      net-http-persistent (~> 2.9)
      nokogiri (~> 1.6)
      pismo (~> 0.7)
      redis (~> 3.2)
      ruby-progressbar (~> 1.7)
      selenium-emulated_features (= 2.0.1)
      selenium-webdriver (~> 3.0)
      thor (~> 0.19)
      thread_safe (~> 0.3)

GEM
  remote: https://rubygems.org/
  specs:
    activejob (4.2.7.1)
      activesupport (= 4.2.7.1)
      globalid (>= 0.3.0)
    activesupport (4.2.7.1)
      i18n (~> 0.7)
      json (~> 1.7, >= 1.7.7)
      minitest (~> 5.1)
      thread_safe (~> 0.3, >= 0.3.4)
      tzinfo (~> 1.1)
    addressable (2.5.0)
      public_suffix (~> 2.0, >= 2.0.2)
    ast (2.3.0)
    awesome_print (1.7.0)
    capybara (2.11.0)
      addressable
      mime-types (>= 1.16)
      nokogiri (>= 1.3.3)
      rack (>= 1.0.0)
      rack-test (>= 0.5.4)
      xpath (~> 2.0)
    childprocess (0.5.9)
      ffi (~> 1.0, >= 1.0.11)
    chronic (0.10.2)
    connection_pool (2.2.1)
    crass (1.0.2)
    diff-lcs (1.2.5)
    fast-stemmer (1.0.2)
    ffi (1.9.14)
    globalid (0.3.7)
      activesupport (>= 4.1.0)
    hooks (0.4.1)
      uber (~> 0.0.14)
    i18n (0.7.0)
    json (1.8.3)
    mime-types (2.99.3)
    mini_portile2 (2.1.0)
    minitest (5.10.1)
    mustermann (0.4.0)
      tool (~> 0.2)
    net-http-persistent (2.9.4)
    nokogiri (1.6.8.1)
      mini_portile2 (~> 2.1.0)
    nokogumbo (1.4.10)
      nokogiri
    oj (2.18.0)
    parser (2.3.3.1)
      ast (~> 2.2)
    pismo (0.7.4)
      awesome_print
      chronic
      fast-stemmer
      nokogiri
      sanitize
    powerpack (0.1.1)
    public_suffix (2.0.4)
    rack (1.6.5)
    rack-protection (1.5.3)
      rack
    rack-test (0.6.3)
      rack (>= 1.0)
    rainbow (2.1.0)
    rake (10.5.0)
    redis (3.3.2)
    rspec (3.5.0)
      rspec-core (~> 3.5.0)
      rspec-expectations (~> 3.5.0)
      rspec-mocks (~> 3.5.0)
    rspec-core (3.5.4)
      rspec-support (~> 3.5.0)
    rspec-expectations (3.5.0)
      diff-lcs (>= 1.2.0, < 2.0)
      rspec-support (~> 3.5.0)
    rspec-mocks (3.5.0)
      diff-lcs (>= 1.2.0, < 2.0)
      rspec-support (~> 3.5.0)
    rspec-support (3.5.0)
    rubocop (0.46.0)
      parser (>= 2.3.1.1, < 3.0)
      powerpack (~> 0.1)
      rainbow (>= 1.99.1, < 3.0)
      ruby-progressbar (~> 1.7)
      unicode-display_width (~> 1.0, >= 1.0.1)
    ruby-progressbar (1.8.1)
    rubyzip (1.2.0)
    sanitize (4.4.0)
      crass (~> 1.0.2)
      nokogiri (>= 1.4.4)
      nokogumbo (~> 1.4.1)
    selenium-emulated_features (2.0.1)
      selenium-webdriver (~> 3.0)
    selenium-webdriver (3.0.3)
      childprocess (~> 0.5)
      rubyzip (~> 1.0)
      websocket (~> 1.0)
    sinatra (1.4.7)
      rack (~> 1.5)
      rack-protection (~> 1.4)
      tilt (>= 1.3, < 3)
    thor (0.19.4)
    thread_safe (0.3.5)
    tilt (2.0.5)
    tool (0.2.3)
    tzinfo (1.2.2)
      thread_safe (~> 0.1)
    uber (0.0.15)
    unicode-display_width (1.1.2)
    websocket (1.2.3)
    xpath (2.0.0)
      nokogiri (~> 1.3)
    yard (0.9.5)

PLATFORMS
  java
  ruby

DEPENDENCIES
  oj (~> 2.12)
  rake (~> 10.4)
  rspec (~> 3.3)
  rubocop (~> 0.34)
  sinatra (~> 1.4)
  wayfarer!
  yard (~> 0.8)

BUNDLED WITH
   1.12.5
