GIT
  remote: git://github.com/celluloid/celluloid.git
  revision: 95f62fb7868c592d29e24419d87efbafa7c6a97f
  branch: 0.17.0-prerelease
  submodules: true
  specs:
    celluloid (0.17.0.rc1)
      bundler
      celluloid-essentials
      celluloid-extras
      celluloid-fsm
      celluloid-pool
      celluloid-supervision
      dotenv
      nenv
      rspec-logsplit (>= 0.1.2)
      timers (~> 4.0.0)

PATH
  remote: .
  specs:
    schablone (0.0.0)
      activesupport
      celluloid
      connection_pool
      mime-types
      net-http-persistent
      nokogiri
      selenium-emulated_features (~> 2.0)
      selenium-webdriver

GEM
  remote: https://rubygems.org/
  specs:
    activesupport (4.2.1)
      i18n (~> 0.7)
      json (~> 1.7, >= 1.7.7)
      minitest (~> 5.1)
      thread_safe (~> 0.3, >= 0.3.4)
      tzinfo (~> 1.1)
    ast (2.0.0)
    astrolabe (1.3.0)
      parser (>= 2.2.0.pre.3, < 3.0)
    awesome_print (1.6.1)
    celluloid-essentials (0.20.0.pre17)
      bundler
      dotenv
      nenv
      rspec-logsplit (>= 0.1.2)
      timers (~> 4.0.0)
    celluloid-extras (0.1.4)
      bundler
      dotenv
      nenv
      rspec-logsplit (>= 0.1.2)
      timers (~> 4.0.0)
    celluloid-fsm (0.9.0.pre13)
      bundler
      dotenv
      nenv
      rspec-logsplit (>= 0.1.2)
      timers (~> 4.0.0)
    celluloid-pool (0.11.0.pre1)
      bundler
      dotenv
      nenv
      rspec-logsplit (>= 0.1.2)
      timers (~> 4.0.0)
    celluloid-supervision (0.20.0.pre6)
      bundler
      dotenv
      nenv
      rspec-logsplit (>= 0.1.2)
      timers (~> 4.0.0)
    childprocess (0.5.6)
      ffi (~> 1.0, >= 1.0.11)
    chronic (0.10.2)
    connection_pool (2.2.0)
    crass (1.0.2)
    diff-lcs (1.2.5)
    dotenv (2.0.2)
    fast-stemmer (1.0.2)
    ffi (1.9.8)
    ffi (1.9.8-java)
    hitimes (1.2.2)
    hitimes (1.2.2-java)
    i18n (0.7.0)
    json (1.8.3)
    json (1.8.3-java)
    mime-types (2.6.1)
    mini_portile (0.6.2)
    minitest (5.7.0)
    multi_json (1.11.1)
    mustermann (0.4.0)
      tool (~> 0.2)
    nenv (0.2.0)
    net-http-persistent (2.9.4)
    nokogiri (1.6.6.2)
      mini_portile (~> 0.6.0)
    nokogiri (1.6.6.2-java)
    nokogumbo (1.4.1)
      nokogiri
    oj (2.12.9)
    parser (2.2.2.5)
      ast (>= 1.1, < 3.0)
    pismo (0.7.4)
      awesome_print
      chronic
      fast-stemmer
      nokogiri
      sanitize
    powerpack (0.1.1)
    rack (1.6.1)
    rack-protection (1.5.3)
      rack
    rainbow (2.0.0)
    rake (10.4.2)
    rspec (3.2.0)
      rspec-core (~> 3.2.0)
      rspec-expectations (~> 3.2.0)
      rspec-mocks (~> 3.2.0)
    rspec-core (3.2.3)
      rspec-support (~> 3.2.0)
    rspec-expectations (3.2.1)
      diff-lcs (>= 1.2.0, < 2.0)
      rspec-support (~> 3.2.0)
    rspec-logsplit (0.1.3)
    rspec-mocks (3.2.1)
      diff-lcs (>= 1.2.0, < 2.0)
      rspec-support (~> 3.2.0)
    rspec-support (3.2.2)
    rubocop (0.31.0)
      astrolabe (~> 1.3)
      parser (>= 2.2.2.1, < 3.0)
      powerpack (~> 0.1)
      rainbow (>= 1.99.1, < 3.0)
      ruby-progressbar (~> 1.4)
    ruby-progressbar (1.7.5)
    rubyzip (1.1.7)
    sanitize (4.0.0)
      crass (~> 1.0.2)
      nokogiri (>= 1.4.4)
      nokogumbo (= 1.4.1)
    selenium-emulated_features (2.0.0)
      selenium-webdriver (~> 2.44)
    selenium-webdriver (2.46.2)
      childprocess (~> 0.5)
      multi_json (~> 1.0)
      rubyzip (~> 1.0)
      websocket (~> 1.0)
    sinatra (1.4.6)
      rack (~> 1.4)
      rack-protection (~> 1.4)
      tilt (>= 1.3, < 3)
    thread_safe (0.3.5)
    thread_safe (0.3.5-java)
    tilt (2.0.1)
    timers (4.0.1)
      hitimes
    tool (0.2.3)
    tzinfo (1.2.2)
      thread_safe (~> 0.1)
    websocket (1.2.2)

PLATFORMS
  java
  ruby

DEPENDENCIES
  celluloid!
  mustermann
  oj
  pismo
  rake
  rspec
  rubocop
  schablone!
  sinatra

BUNDLED WITH
   1.10.2
